PATH
  remote: .
  specs:
    rjmetrics-client (0.5.0)
      json (>= 1.7.7)
      rest-client (>= 1.6.7)

GEM
  remote: https://rubygems.org/
  specs:
    diff-lcs (1.2.5)
    json (1.8.1)
    mime-types (2.2)
    rest-client (1.6.7)
      mime-types (>= 1.16)
    rspec (2.14.1)
      rspec-core (~> 2.14.0)
      rspec-expectations (~> 2.14.0)
      rspec-mocks (~> 2.14.0)
    rspec-core (2.14.8)
    rspec-expectations (2.14.5)
      diff-lcs (>= 1.1.3, < 2.0)
    rspec-mocks (2.14.6)
    yard (0.8.7.4)

PLATFORMS
  ruby

DEPENDENCIES
  rjmetrics-client!
  rspec (> 0)
  yard (> 0)
